PATH
  remote: .
  specs:
    memcached (1.8.0)

GEM
  remote: https://rubygems.org/
  specs:
    activesupport (3.2.6)
      i18n (~> 0.6)
      multi_json (~> 1.0)
    dalli (2.7.5)
    i18n (0.6.0)
    memcache-client (1.8.5)
    metaclass (0.0.4)
    mocha (1.0.0)
      metaclass (~> 0.0.1)
    multi_json (1.3.6)
    power_assert (0.2.7)
    rake (0.9.2.2)
    rake-compiler (0.9.5)
      rake
    remix-stash (1.1.3)
    test-unit (3.1.5)
      power_assert

PLATFORMS
  ruby

DEPENDENCIES
  activesupport
  dalli
  memcache-client
  memcached!
  mocha
  rake
  rake-compiler
  remix-stash (~> 1.1.3)
  test-unit

BUNDLED WITH
   1.10.6
